GEM
  remote: http://rubygems.org/
  specs:
    power_assert (1.1.6)
    rake (12.3.3)
    test-unit (3.3.5)
      power_assert

PLATFORMS
  ruby

DEPENDENCIES
  rake
  test-unit

BUNDLED WITH
   2.0.2
